PATH
  remote: .
  specs:
    spade (0.0.8.1)
      spade-packager
      spade-runtime

PATH
  remote: vendor/spade-core
  specs:
    spade-core (0.1.0)

PATH
  remote: vendor/spade-packager
  specs:
    spade-packager (0.1.0)
      eventmachine (~> 0.12.10)
      gemcutter (~> 0.6.1)
      highline (~> 1.6.1)
      json_pure (~> 1.4.6)
      libgems
      rack (~> 1.2.1)
      thor (~> 0.14.3)

PATH
  remote: vendor/spade-runtime
  specs:
    spade-runtime (0.1.0)
      childlabor (~> 0.0.3)
      eventmachine (~> 0.12.10)
      highline (~> 1.6.1)
      json_pure (~> 1.4.6)
      rack (~> 1.2.1)
      spade-core
      therubyracer (~> 0.8.0)
      thor (~> 0.14.3)

GEM
  remote: http://rubygems.org/
  specs:
    childlabor (0.0.3)
    diff-lcs (1.1.2)
    eventmachine (0.12.10)
    gemcutter (0.6.1)
    highline (1.6.2)
    json_pure (1.4.6)
    libgems (0.0.1)
    rack (1.2.3)
    rspec (2.6.0)
      rspec-core (~> 2.6.0)
      rspec-expectations (~> 2.6.0)
      rspec-mocks (~> 2.6.0)
    rspec-core (2.6.4)
    rspec-expectations (2.6.0)
      diff-lcs (~> 1.1.2)
    rspec-mocks (2.6.0)
    test-unit (2.3.0)
    therubyracer (0.8.2)
    thor (0.14.6)

PLATFORMS
  ruby

DEPENDENCIES
  rspec
  spade!
  spade-core!
  spade-packager!
  spade-runtime!
  test-unit
